GEM
  remote: https://rubygems.org/
  specs:
    activemodel (5.0.1)
      activesupport (= 5.0.1)
    activemodel-serializers-xml (1.0.1)
      activemodel (> 5.x)
      activerecord (> 5.x)
      activesupport (> 5.x)
      builder (~> 3.1)
    activerecord (5.0.1)
      activemodel (= 5.0.1)
      activesupport (= 5.0.1)
      arel (~> 7.0)
    activeresource (5.0.0)
      activemodel (>= 5.0, < 6)
      activemodel-serializers-xml (~> 1.0)
      activesupport (>= 5.0, < 6)
    activesupport (5.0.1)
      concurrent-ruby (~> 1.0, >= 1.0.2)
      i18n (~> 0.7)
      minitest (~> 5.1)
      tzinfo (~> 1.1)
    arel (7.1.4)
    builder (3.2.2)
    coderay (1.1.1)
    concurrent-ruby (1.0.4)
    dotenv (2.2.1)
    i18n (0.7.0)
    method_source (0.8.2)
    minitest (5.10.2)
    pry (0.10.4)
      coderay (~> 1.1.0)
      method_source (~> 0.8.1)
      slop (~> 3.4)
    rack (2.0.1)
    rake (12.0.0)
    shopify_api (4.8.0)
      activeresource (>= 3.0.0)
      rack
    slop (3.6.0)
    thread_safe (0.3.5)
    tzinfo (1.2.2)
      thread_safe (~> 0.1)

PLATFORMS
  x86-mingw32

DEPENDENCIES
  dotenv
  minitest
  pry
  rake
  shopify_api

BUNDLED WITH
   1.13.7
