GEM
  remote: https://rubygems.org/
  specs:
    coderay (1.1.1)
    daemons (1.2.4)
    dotenv (2.2.1)
    eventmachine (1.2.3)
    httparty (0.15.5)
      multi_xml (>= 0.5.2)
    method_source (0.8.2)
    minitest (5.10.2)
    multi_xml (0.6.0)
    pry (0.10.4)
      coderay (~> 1.1.0)
      method_source (~> 0.8.1)
      slop (~> 3.4)
    rack (1.6.8)
    rake (12.0.0)
    sinatra (1.1.0)
      rack (~> 1.1)
      tilt (~> 1.1)
    slop (3.6.0)
    thin (1.7.0)
      daemons (~> 1.0, >= 1.0.9)
      eventmachine (~> 1.0, >= 1.0.4)
      rack (>= 1, < 3)
    tilt (1.4.1)

PLATFORMS
  ruby

DEPENDENCIES
  dotenv
  httparty
  minitest
  pry
  rake
  sinatra (= 1.1.0)
  thin

RUBY VERSION
   ruby 2.4.0p0

BUNDLED WITH
   1.15.0
